GEM
  remote: https://rubygems.org/
  remote: https://tojeline.fedorapeople.org/rubygems/
  specs:
    backports (3.6.8)
    ethon (0.10.1)
    ffi (1.9.17)
    json (2.3.0)
    multi_json (1.12.1)
    open4 (1.3.4)
    orderedhash (0.0.6)
    rack (1.6.4)
    rack-protection (1.5.3)
      rack
    rack-test (0.6.3)
      rack (>= 1.0)
    rpam-ruby19 (1.2.1)
    rpam-ruby19-feist (1.2.1.1)
    sinatra (1.4.8)
      rack (~> 1.4)
      rack-protection (~> 1.4)
      tilt (>= 1.3, < 3)
    sinatra-contrib (1.4.7)
      backports (>= 2.0)
      multi_json
      rack-protection
      rack-test
      sinatra (~> 1.4.0)
      tilt (>= 1.3, < 3)
    tilt (2.0.6)

PLATFORMS
  ruby

DEPENDENCIES
  backports
  ethon
  ffi
  json
  multi_json
  open4
  orderedhash
  rack
  rack-protection
  rack-test
  rpam-ruby19
  rpam-ruby19-feist!
  sinatra
  sinatra-contrib
  tilt
